GIT
  remote: git://github.com/jobready/boolean_dsl.git
  revision: 1bcae98d336d2f975851a2d689ee6d7cfa463c15
  branch: develop
  specs:
    boolean_dsl (0.0.1)
      activesupport
      parslet

PATH
  remote: .
  specs:
    rules_engine (1.2.0)
      activesupport
      boolean_dsl

GEM
  remote: https://rubygems.org/
  specs:
    activesupport (4.1.1)
      i18n (~> 0.6, >= 0.6.9)
      json (~> 1.7, >= 1.7.7)
      minitest (~> 5.1)
      thread_safe (~> 0.1)
      tzinfo (~> 1.1)
    blankslate (2.1.2.4)
    byebug (2.7.0)
      columnize (~> 0.3)
      debugger-linecache (~> 1.2)
    cane (2.6.2)
      parallel
    columnize (0.8.9)
    coveralls (0.7.0)
      multi_json (~> 1.3)
      rest-client
      simplecov (>= 0.7)
      term-ansicolor
      thor
    debugger-linecache (1.2.0)
    diff-lcs (1.2.5)
    docile (1.1.3)
    factory_girl (4.4.0)
      activesupport (>= 3.0.0)
    i18n (0.6.9)
    json (1.8.1)
    mime-types (2.2)
    minitest (5.3.4)
    multi_json (1.10.0)
    parallel (1.0.0)
    parslet (1.6.1)
      blankslate (~> 2.0)
    rake (10.3.1)
    rest-client (1.6.7)
      mime-types (>= 1.16)
    rspec (2.14.1)
      rspec-core (~> 2.14.0)
      rspec-expectations (~> 2.14.0)
      rspec-mocks (~> 2.14.0)
    rspec-core (2.14.8)
    rspec-expectations (2.14.5)
      diff-lcs (>= 1.1.3, < 2.0)
    rspec-mocks (2.14.6)
    simplecov (0.8.2)
      docile (~> 1.1.0)
      multi_json
      simplecov-html (~> 0.8.0)
    simplecov-html (0.8.0)
    term-ansicolor (1.3.0)
      tins (~> 1.0)
    thor (0.19.1)
    thread_safe (0.3.4)
    tins (1.1.0)
    tzinfo (1.2.0)
      thread_safe (~> 0.1)

PLATFORMS
  ruby

DEPENDENCIES
  boolean_dsl!
  bundler (~> 1.0)
  byebug (~> 2.7)
  cane (~> 2.6)
  coveralls
  factory_girl (~> 4.4)
  rake (~> 10.1)
  rspec (~> 2.14)
  rules_engine!
